GEM
  remote: http://rubygems.org/
  specs:
    diff-lcs (1.1.3)
    httparty (0.8.1)
      multi_json
      multi_xml
    json (2.3.0)
    multi_json (1.0.4)
    multi_xml (0.4.1)
    rspec (2.8.0)
      rspec-core (~> 2.8.0)
      rspec-expectations (~> 2.8.0)
      rspec-mocks (~> 2.8.0)
    rspec-core (2.8.0)
    rspec-expectations (2.8.0)
      diff-lcs (~> 1.1.2)
    rspec-mocks (2.8.0)

PLATFORMS
  ruby

DEPENDENCIES
  httparty
  json
  rspec
